GEM
  remote: https://rubygems.org/
  specs:
    erubis (2.7.0)
    execjs (2.2.1)
    faraday (0.8.9)
      multipart-post (~> 1.2.0)
    i18n (0.6.11)
    image_size (1.3.1)
    jshintrb (0.2.4)
      execjs
      multi_json (>= 1.3)
      rake
    json (1.8.1)
    json-stream (0.2.1)
    multi_json (1.10.1)
    multipart-post (1.2.0)
    rack (1.5.2)
    rack-protection (1.5.3)
      rack
    rake (10.3.2)
    rubyzip (0.9.9)
    sass (3.3.10)
    sinatra (1.3.6)
      rack (~> 1.4)
      rack-protection (~> 1.3)
      tilt (~> 1.3, >= 1.3.3)
    thor (0.18.1)
    tilt (1.4.1)
    zendesk_apps_support (1.15.0)
      erubis
      i18n
      image_size
      jshintrb (= 0.2.4)
      json
      json-stream
      multi_json
      sass
    zendesk_apps_tools (1.19.0)
      faraday (~> 0.8.7)
      rubyzip (~> 0.9.1)
      sinatra (~> 1.3.4)
      thor (~> 0.18.0)
      zendesk_apps_support (~> 1.15.0)

PLATFORMS
  ruby

DEPENDENCIES
  zendesk_apps_tools
